GEM
  remote: https://rubygems.org/
  specs:
    activesupport (4.1.4)
      i18n (~> 0.6, >= 0.6.9)
      json (~> 1.7, >= 1.7.7)
      minitest (~> 5.1)
      thread_safe (~> 0.1)
      tzinfo (~> 1.1)
    bson (1.10.2)
    bson_ext (1.10.2)
      bson (~> 1.10.2)
    chronic (0.10.2)
    chronic_duration (0.10.5)
      numerizer (~> 0.1.1)
    clockwork (0.7.7)
      activesupport
      tzinfo
    daemons (1.1.9)
    eventmachine (1.0.3)
    i18n (0.6.11)
    jsmin (1.0.1)
    json (1.8.1)
    json_pure (1.8.1)
    mini_portile (0.6.0)
    minitest (5.4.0)
    mongo (1.10.2)
      bson (= 1.10.2)
    multi_json (1.10.1)
    nokogiri (1.6.2.1)
      mini_portile (= 0.6.0)
    numerizer (0.1.1)
    rack (1.5.2)
    rack-protection (1.5.3)
      rack
    rack-test (0.6.2)
      rack (>= 1.0)
    sinatra (1.4.5)
      rack (~> 1.4)
      rack-protection (~> 1.4)
      tilt (~> 1.3, >= 1.3.4)
    sinatra-assetpack (0.3.3)
      jsmin
      rack-test
      sinatra
      tilt (>= 1.3.0, < 2.0)
    sinatra-jsonp (0.4.3)
      multi_json (~> 1.8)
      sinatra (~> 1.0)
    thin (1.6.2)
      daemons (>= 1.0.9)
      eventmachine (>= 1.0.0)
      rack (>= 1.0.0)
    thread_safe (0.3.4)
    tilt (1.4.1)
    tzinfo (1.2.1)
      thread_safe (~> 0.1)

PLATFORMS
  ruby

DEPENDENCIES
  activesupport
  bson
  bson_ext
  chronic
  chronic_duration
  clockwork
  json
  json_pure
  mongo
  nokogiri
  sinatra
  sinatra-assetpack
  sinatra-jsonp
  thin
